PATH
  remote: .
  specs:
    god (0.13.7)

GEM
  remote: https://rubygems.org/
  specs:
    activesupport (3.2.19)
      i18n (~> 0.6, >= 0.6.4)
      multi_json (~> 1.0)
    addressable (2.5.2)
      public_suffix (>= 2.0.2, < 4.0)
    airbrake (3.1.17)
      builder
      multi_json
    albino (1.3.3)
      posix-spawn (>= 0.3.6)
    attributes (5.0.1)
    buftok (0.2.0)
    builder (3.2.2)
    daemons (1.1.9)
    diff-lcs (1.2.5)
    dike (0.0.3)
      attributes (>= 3.6.0)
      orderedhash (>= 0.0.2)
    domain_name (0.5.20170404)
      unf (>= 0.0.5, < 1.0.0)
    equalizer (0.0.10)
    faraday (0.9.2)
      multipart-post (>= 1.2, < 3)
    github-markup (0.7.5)
    gollum (1.3.1)
      albino (~> 1.3.2)
      github-markup (>= 0.4.0, < 1.0.0)
      grit (~> 2.4.1)
      mustache (>= 0.11.2, < 1.0.0)
      nokogiri (~> 1.4)
      redcarpet
      sanitize (~> 2.0.0)
      sinatra (~> 1.0)
    grit (2.4.1)
      diff-lcs (~> 1.1)
      mime-types (~> 1.15)
    http (1.0.4)
      addressable (~> 2.3)
      http-cookie (~> 1.0)
      http-form_data (~> 1.0.1)
      http_parser.rb (~> 0.6.0)
    http-cookie (1.0.3)
      domain_name (~> 0.5)
    http-form_data (1.0.3)
    http_parser.rb (0.6.0)
    i18n (0.6.11)
    json (1.8.1)
    memoizable (0.4.2)
      thread_safe (~> 0.3, >= 0.3.1)
    metaclass (0.0.4)
    mime-types (1.25.1)
    minitest (5.11.1)
    mocha (0.14.0)
      metaclass (~> 0.0.1)
    multi_json (1.10.1)
    multipart-post (2.0.0)
    mustache (0.99.6)
    naught (1.1.0)
    nokogiri (1.5.11)
    orderedhash (0.0.6)
    posix-spawn (0.3.9)
    prowly (0.3.0)
    public_suffix (3.0.1)
    rack (1.5.2)
    rack-protection (1.5.3)
      rack
    rake (10.3.2)
    rdoc (3.12.2)
      json (~> 1.4)
    redcarpet (2.3.0)
    sanitize (2.0.3)
      nokogiri (>= 1.4.4, < 1.6)
    simple_oauth (0.3.1)
    sinatra (1.4.5)
      rack (~> 1.4)
      rack-protection (~> 1.4)
      tilt (~> 1.3, >= 1.3.4)
    statsd-ruby (1.2.1)
    thread_safe (0.3.6)
    tilt (1.4.1)
    twitter (5.17.0)
      addressable (~> 2.3)
      buftok (~> 0.2.0)
      equalizer (= 0.0.10)
      faraday (~> 0.9.0)
      http (~> 1.0)
      http_parser.rb (~> 0.6.0)
      json (~> 1.8)
      memoizable (~> 0.4.0)
      naught (~> 1.0)
      simple_oauth (~> 0.3.0)
    unf (0.1.4)
      unf_ext
    unf_ext (0.0.7.4)
    xmpp4r (0.5.6)

PLATFORMS
  ruby

DEPENDENCIES
  activesupport (>= 2.3.10, < 4.0.0)
  airbrake (~> 3.1.7)
  daemons (~> 1.1)
  dike (~> 0.0.3)
  god!
  gollum (~> 1.3.1)
  i18n (< 0.7.0)
  json (~> 1.6)
  minitest
  mocha (~> 0.10)
  mustache (~> 0.99.0, < 0.99.7)
  nokogiri (~> 1.5.0)
  prowly (~> 0.3)
  rake
  rdoc (~> 3.10)
  redcarpet (< 3.0.0)
  sanitize (= 2.0.3)
  statsd-ruby (~> 1.2.1)
  twitter (~> 5.0)
  xmpp4r (~> 0.5)
